GEM
  remote: https://rubygems.org/
  specs:
    net-ssh (3.2.0)

PLATFORMS
  ruby

DEPENDENCIES
  net-ssh

BUNDLED WITH
   1.11.2
